PATH
  remote: .
  specs:
    startback-web (0.7.2)
      babel-transpiler
      prometheus-client (>= 2.1)
      sass (>= 3.7, < 4.0)
      sassc (>= 2.3, < 3.0)
      sprockets (>= 4.0, < 5.0)
      startback (= 0.7.2)
      uglifier (>= 3.1, < 4.0)

PATH
  remote: .
  specs:
    startback (0.7.2)
      bmg (>= 0.17.5, < 0.18.0)
      bunny (>= 2.14, < 3.0)
      finitio (>= 0.8, < 0.9)
      http (>= 4.4, < 5.0)
      i18n (>= 1.0, < 2.0)
      jwt (>= 2.1, < 3.0)
      mustache (>= 1.0, < 2.0)
      nokogiri (>= 1.0, < 2.0)
      path (>= 2.0, < 3.0)
      puma (>= 4.3, < 5.0)
      rack-robustness (>= 1.0, < 2.0)
      sinatra (>= 2.0, < 3.0)
      tzinfo (>= 1.2, < 2.0)
      tzinfo-data

GEM
  remote: https://rubygems.org/
  specs:
    addressable (2.7.0)
      public_suffix (>= 2.0.2, < 5.0)
    amq-protocol (2.3.2)
    babel-source (5.8.35)
    babel-transpiler (0.7.0)
      babel-source (>= 4.0, < 6)
      execjs (~> 2.0)
    bmg (0.17.8)
      path (>= 1.3)
      predicate (~> 2.4, >= 2.4.0)
    bunny (2.17.0)
      amq-protocol (~> 2.3, >= 2.3.1)
    citrus (3.0.2)
    concurrent-ruby (1.1.7)
    diff-lcs (1.4.4)
    domain_name (0.5.20190701)
      unf (>= 0.0.5, < 1.0.0)
    execjs (2.7.0)
    ffi (1.13.1)
    ffi-compiler (1.0.1)
      ffi (>= 1.0.0)
      rake
    finitio (0.8.0)
      citrus (>= 2.4, < 4.0)
    hansi (0.2.0)
    http (4.4.1)
      addressable (~> 2.3)
      http-cookie (~> 1.0)
      http-form_data (~> 2.2)
      http-parser (~> 1.2.0)
    http-cookie (1.0.3)
      domain_name (~> 0.5)
    http-form_data (2.3.0)
    http-parser (1.2.2)
      ffi-compiler
    i18n (1.8.5)
      concurrent-ruby (~> 1.0)
    jwt (2.2.2)
    mini_portile2 (2.4.0)
    mustache (1.1.1)
    mustermann (1.1.1)
      ruby2_keywords (~> 0.0.1)
    mustermann-contrib (1.1.1)
      hansi (~> 0.2.0)
      mustermann (= 1.1.1)
    nio4r (2.5.4)
    nokogiri (1.10.10)
      mini_portile2 (~> 2.4.0)
    path (2.0.1)
    predicate (2.4.0)
      sexpr (~> 0.6.0)
    prometheus-client (2.1.0)
    public_suffix (4.0.6)
    puma (4.3.7)
      nio4r (~> 2.0)
    rack (2.2.3)
    rack-protection (2.1.0)
      rack
    rack-robustness (1.1.0)
    rack-test (0.6.3)
      rack (>= 1.0)
    rake (13.0.1)
    rb-fsevent (0.10.4)
    rb-inotify (0.10.1)
      ffi (~> 1.0)
    rspec (3.10.0)
      rspec-core (~> 3.10.0)
      rspec-expectations (~> 3.10.0)
      rspec-mocks (~> 3.10.0)
    rspec-core (3.10.0)
      rspec-support (~> 3.10.0)
    rspec-expectations (3.10.0)
      diff-lcs (>= 1.2.0, < 2.0)
      rspec-support (~> 3.10.0)
    rspec-mocks (3.10.0)
      diff-lcs (>= 1.2.0, < 2.0)
      rspec-support (~> 3.10.0)
    rspec-support (3.10.0)
    rspec_junit_formatter (0.4.1)
      rspec-core (>= 2, < 4, != 2.12.0)
    ruby2_keywords (0.0.2)
    sass (3.7.4)
      sass-listen (~> 4.0.0)
    sass-listen (4.0.0)
      rb-fsevent (~> 0.9, >= 0.9.4)
      rb-inotify (~> 0.9, >= 0.9.7)
    sassc (2.4.0)
      ffi (~> 1.9)
    sexpr (0.6.0)
    sinatra (2.1.0)
      mustermann (~> 1.0)
      rack (~> 2.2)
      rack-protection (= 2.1.0)
      tilt (~> 2.0)
    sprockets (4.0.2)
      concurrent-ruby (~> 1.0)
      rack (> 1, < 3)
    thread_safe (0.3.6)
    tilt (2.0.10)
    tzinfo (1.2.8)
      thread_safe (~> 0.1)
    tzinfo-data (1.2020.4)
      tzinfo (>= 1.0.0)
    uglifier (3.2.0)
      execjs (>= 0.3.0, < 3)
    unf (0.1.4)
      unf_ext
    unf_ext (0.0.7.7)
    webspicy (0.15.8)
      finitio (>= 0.8.0)
      http (>= 2)
      mustermann (~> 1.0)
      mustermann-contrib
      path (>= 1.3)
      rack-robustness (~> 1.1, >= 1.1.0)
      rack-test (~> 0.6.3)
      rspec (~> 3.7)
      rspec_junit_formatter (~> 0.4.1)

PLATFORMS
  ruby

DEPENDENCIES
  rack-test
  rake
  rspec (>= 3.6, < 4.0)
  rspec_junit_formatter (>= 0.4.1, < 0.5)
  startback!
  startback-web!
  webspicy (>= 0.15.2, < 0.16)

BUNDLED WITH
   2.1.4
