PATH
  remote: .
  specs:
    startback-web (0.8.3)
      babel-transpiler
      prometheus-client (>= 2.1)
      sass (>= 3.7, < 4.0)
      sassc (>= 2.3, < 3.0)
      sprockets (>= 4.0, < 5.0)
      startback (= 0.8.3)
      uglifier (>= 3.1, < 4.0)

PATH
  remote: .
  specs:
    startback (0.8.3)
      bmg (>= 0.18.0, < 0.19.0)
      bunny (>= 2.14, < 3.0)
      finitio (>= 0.10, < 0.11)
      http (>= 4.4, < 5.0)
      i18n (>= 1.0, < 2.0)
      jwt (>= 2.1, < 3.0)
      mustache (>= 1.0, < 2.0)
      nokogiri (>= 1.11.4, < 2.0)
      path (>= 2.0, < 3.0)
      prometheus-client (>= 2.1)
      puma (>= 5.3.1, >= 4.3.8)
      rack-robustness (>= 1.0, < 2.0)
      sinatra (>= 2.0, < 3.0)
      tzinfo (>= 1.2, < 2.0)
      tzinfo-data

GEM
  remote: https://rubygems.org/
  specs:
    addressable (2.7.0)
      public_suffix (>= 2.0.2, < 5.0)
    amq-protocol (2.3.2)
    babel-source (5.8.35)
    babel-transpiler (0.7.0)
      babel-source (>= 4.0, < 6)
      execjs (~> 2.0)
    bmg (0.18.4)
      path (>= 2.0)
      predicate (~> 2.5, >= 2.5.0)
    bunny (2.18.0)
      amq-protocol (~> 2.3, >= 2.3.1)
      sorted_set (~> 1, >= 1.0.2)
    citrus (3.0.2)
    commonmarker (0.21.2)
      ruby-enum (~> 0.5)
    concurrent-ruby (1.1.8)
    diff-lcs (1.4.4)
    domain_name (0.5.20190701)
      unf (>= 0.0.5, < 1.0.0)
    execjs (2.8.1)
    ffi (1.15.0)
    ffi-compiler (1.0.1)
      ffi (>= 1.0.0)
      rake
    finitio (0.10.0)
      citrus (>= 3.0, < 4.0)
    hansi (0.2.0)
    http (4.4.1)
      addressable (~> 2.3)
      http-cookie (~> 1.0)
      http-form_data (~> 2.2)
      http-parser (~> 1.2.0)
    http-cookie (1.0.3)
      domain_name (~> 0.5)
    http-form_data (2.3.0)
    http-parser (1.2.3)
      ffi-compiler (>= 1.0, < 2.0)
    i18n (1.8.9)
      concurrent-ruby (~> 1.0)
    jwt (2.2.3)
    mustache (1.1.1)
    mustermann (1.1.1)
      ruby2_keywords (~> 0.0.1)
    mustermann-contrib (1.1.1)
      hansi (~> 0.2.0)
      mustermann (= 1.1.1)
    nio4r (2.5.7)
    nokogiri (1.11.7-x86_64-linux)
      racc (~> 1.4)
    openapi3_parser (0.8.2)
      commonmarker (~> 0.17)
      psych (~> 3.1)
    paint (2.2.1)
    path (2.0.1)
    predicate (2.5.0)
      sexpr (~> 0.6.0)
    prometheus-client (2.1.0)
    psych (3.3.1)
    public_suffix (4.0.6)
    puma (5.3.2)
      nio4r (~> 2.0)
    racc (1.5.2)
    rack (2.2.3)
    rack-protection (2.1.0)
      rack
    rack-robustness (1.1.0)
    rack-test (0.6.3)
      rack (>= 1.0)
    rake (13.0.3)
    rb-fsevent (0.11.0)
    rb-inotify (0.10.1)
      ffi (~> 1.0)
    rbtree (0.4.4)
    rspec (3.10.0)
      rspec-core (~> 3.10.0)
      rspec-expectations (~> 3.10.0)
      rspec-mocks (~> 3.10.0)
    rspec-core (3.10.1)
      rspec-support (~> 3.10.0)
    rspec-expectations (3.10.1)
      diff-lcs (>= 1.2.0, < 2.0)
      rspec-support (~> 3.10.0)
    rspec-mocks (3.10.2)
      diff-lcs (>= 1.2.0, < 2.0)
      rspec-support (~> 3.10.0)
    rspec-support (3.10.2)
    rspec_junit_formatter (0.4.1)
      rspec-core (>= 2, < 4, != 2.12.0)
    ruby-enum (0.9.0)
      i18n
    ruby2_keywords (0.0.4)
    sass (3.7.4)
      sass-listen (~> 4.0.0)
    sass-listen (4.0.0)
      rb-fsevent (~> 0.9, >= 0.9.4)
      rb-inotify (~> 0.9, >= 0.9.7)
    sassc (2.4.0)
      ffi (~> 1.9)
    set (1.0.1)
    sexpr (0.6.0)
    sinatra (2.1.0)
      mustermann (~> 1.0)
      rack (~> 2.2)
      rack-protection (= 2.1.0)
      tilt (~> 2.0)
    sorted_set (1.0.3)
      rbtree
      set (~> 1.0)
    sprockets (4.0.2)
      concurrent-ruby (~> 1.0)
      rack (> 1, < 3)
    thread_safe (0.3.6)
    tilt (2.0.10)
    tzinfo (1.2.9)
      thread_safe (~> 0.1)
    tzinfo-data (1.2021.1)
      tzinfo (>= 1.0.0)
    uglifier (3.2.0)
      execjs (>= 0.3.0, < 3)
    unf (0.1.4)
      unf_ext
    unf_ext (0.0.7.7)
    webspicy (0.20.5)
      finitio (~> 0.10.0)
      http (>= 4)
      mustermann (~> 1.0)
      mustermann-contrib
      openapi3_parser (~> 0.8.2)
      paint (~> 2.2)
      path (~> 2.0)
      rack-robustness (~> 1.1, >= 1.1.0)
      rack-test (~> 0.6.3)

PLATFORMS
  x86_64-linux

DEPENDENCIES
  rake
  rspec (>= 3.6, < 4.0)
  rspec_junit_formatter (>= 0.4.1, < 0.5)
  startback!
  startback-web!
  webspicy (>= 0.20.5, < 0.21)

BUNDLED WITH
   2.2.11
