PATH
  remote: .
  specs:
    startback (0.5.3)
      finitio (>= 0.7)
      path (>= 1.3)
      rack-robustness (~> 1.1)
      sinatra (~> 2.0)

GEM
  remote: https://rubygems.org/
  specs:
    babel-source (5.8.35)
    babel-transpiler (0.7.0)
      babel-source (>= 4.0, < 6)
      execjs (~> 2.0)
    citrus (3.0.2)
    concurrent-ruby (1.1.5)
    diff-lcs (1.3)
    execjs (2.7.0)
    finitio (0.8.0)
      citrus (>= 2.4, < 4.0)
    mustermann (1.0.3)
    path (2.0.1)
    rack (2.0.8)
    rack-protection (2.0.7)
      rack
    rack-robustness (1.1.0)
    rack-test (1.1.0)
      rack (>= 1.0, < 3)
    rake (12.3.2)
    rspec (3.8.0)
      rspec-core (~> 3.8.0)
      rspec-expectations (~> 3.8.0)
      rspec-mocks (~> 3.8.0)
    rspec-core (3.8.1)
      rspec-support (~> 3.8.0)
    rspec-expectations (3.8.4)
      diff-lcs (>= 1.2.0, < 2.0)
      rspec-support (~> 3.8.0)
    rspec-mocks (3.8.1)
      diff-lcs (>= 1.2.0, < 2.0)
      rspec-support (~> 3.8.0)
    rspec-support (3.8.2)
    sinatra (2.0.7)
      mustermann (~> 1.0)
      rack (~> 2.0)
      rack-protection (= 2.0.7)
      tilt (~> 2.0)
    sprockets (4.0.0.beta9)
      concurrent-ruby (~> 1.0)
      rack (> 1, < 3)
    tilt (2.0.10)

PLATFORMS
  ruby

DEPENDENCIES
  babel-transpiler
  rack-test
  rake
  rspec
  sprockets (~> 4.0.0.beta8)
  startback!

BUNDLED WITH
   2.0.1
